GEM
  remote: http://rubygems.org/
  specs:
    actionmailer (3.1.8)
      actionpack (= 3.1.8)
      mail (~> 2.3.3)
    actionpack (3.1.8)
      activemodel (= 3.1.8)
      activesupport (= 3.1.8)
      builder (~> 3.0.0)
      erubis (~> 2.7.0)
      i18n (~> 0.6)
      rack (~> 1.3.6)
      rack-cache (~> 1.2)
      rack-mount (~> 0.8.2)
      rack-test (~> 0.6.1)
      sprockets (~> 2.0.4)
    activemodel (3.1.8)
      activesupport (= 3.1.8)
      builder (~> 3.0.0)
      i18n (~> 0.6)
    activerecord (3.1.8)
      activemodel (= 3.1.8)
      activesupport (= 3.1.8)
      arel (~> 2.2.3)
      tzinfo (~> 0.3.29)
    activeresource (3.1.8)
      activemodel (= 3.1.8)
      activesupport (= 3.1.8)
    activesupport (3.1.8)
      multi_json (>= 1.0, < 1.3)
    ansi (1.4.3)
    arel (2.2.3)
    builder (3.0.2)
    coffee-rails (3.1.1)
      coffee-script (>= 2.2.0)
      railties (~> 3.1.0)
    coffee-script (2.2.0)
      coffee-script-source
      execjs
    coffee-script-source (1.3.3)
    diff-lcs (1.1.3)
    erubis (2.7.0)
    execjs (1.4.0)
      multi_json (~> 1.0)
    factory_girl (3.6.1)
      activesupport (>= 3.0.0)
    factory_girl_rails (3.6.0)
      factory_girl (~> 3.6.0)
      railties (>= 3.0.0)
    faraday (0.8.4)
      multipart-post (~> 1.1)
    fast_spork_runner (0.0.4)
    hashie (1.2.0)
    hike (1.2.1)
    hpricot (0.8.6)
    httpauth (0.1)
    i18n (0.6.1)
    jpmobile (3.0.1)
    jquery-rails (2.1.2)
      railties (>= 3.1.0, < 5.0)
      thor (~> 0.14)
    json (1.7.5)
    jwt (0.1.5)
      multi_json (>= 1.0)
    libv8 (3.3.10.4)
    mail (2.3.3)
      i18n (>= 0.4.0)
      mime-types (~> 1.16)
      treetop (~> 1.4.8)
    mime-types (1.19)
    multi_json (1.2.0)
    multipart-post (1.1.5)
    mysql2 (0.3.11)
    oauth2 (0.8.0)
      faraday (~> 0.8)
      httpauth (~> 0.1)
      jwt (~> 0.1.4)
      multi_json (~> 1.0)
      rack (~> 1.2)
    omniauth (1.1.1)
      hashie (~> 1.2)
      rack
    omniauth-facebook (1.3.0)
      omniauth-oauth2 (~> 1.0.2)
    omniauth-oauth2 (1.0.3)
      oauth2 (~> 0.8.0)
      omniauth (~> 1.0)
    polyglot (0.3.3)
    rack (1.3.6)
    rack-cache (1.2)
      rack (>= 0.4)
    rack-mount (0.8.3)
      rack (>= 1.0.0)
    rack-ssl (1.3.2)
      rack
    rack-test (0.6.1)
      rack (>= 1.0)
    rails (3.1.8)
      actionmailer (= 3.1.8)
      actionpack (= 3.1.8)
      activerecord (= 3.1.8)
      activeresource (= 3.1.8)
      activesupport (= 3.1.8)
      bundler (~> 1.0)
      railties (= 3.1.8)
    rails_autolink (1.0.5)
      rails (~> 3.1)
    railties (3.1.8)
      actionpack (= 3.1.8)
      activesupport (= 3.1.8)
      rack-ssl (~> 1.3.2)
      rake (>= 0.8.7)
      rdoc (~> 3.4)
      thor (~> 0.14.6)
    rake (0.9.2)
    rdoc (3.12)
      json (~> 1.4)
    render_component_vho (3.2.1)
      railties (>= 3.1.0)
    rmagick (2.13.1)
    rspec (2.11.0)
      rspec-core (~> 2.11.0)
      rspec-expectations (~> 2.11.0)
      rspec-mocks (~> 2.11.0)
    rspec-core (2.11.1)
    rspec-expectations (2.11.3)
      diff-lcs (~> 1.1.3)
    rspec-mocks (2.11.2)
    rspec-rails (2.11.0)
      actionpack (>= 3.0)
      activesupport (>= 3.0)
      railties (>= 3.0)
      rspec (~> 2.11.0)
    ruby-ldap (0.9.12)
    sass (3.2.1)
    sass-rails (3.1.6)
      actionpack (~> 3.1.0)
      railties (~> 3.1.0)
      sass (>= 3.1.10)
      tilt (~> 1.3.2)
    spork (0.9.2)
    sprockets (2.0.4)
      hike (~> 1.2)
      rack (~> 1.0)
      tilt (~> 1.1, != 1.3.0)
    tamtam (0.0.3)
      hpricot
    therubyracer (0.10.2)
      libv8 (~> 3.3.10)
    thor (0.14.6)
    tilt (1.3.3)
    treetop (1.4.10)
      polyglot
      polyglot (>= 0.3.1)
    turn (0.8.3)
      ansi
    tzinfo (0.3.33)
    uglifier (1.3.0)
      execjs (>= 0.3.0)
      multi_json (~> 1.0, >= 1.0.2)
    will_paginate (3.0.2)

PLATFORMS
  ruby

DEPENDENCIES
  coffee-rails (~> 3.1.1)
  execjs
  factory_girl_rails (~> 3.0)
  fast_spork_runner (~> 0.0.4)
  hpricot (= 0.8.6)
  jpmobile (= 3.0.1)
  jquery-rails
  mysql2 (= 0.3.11)
  omniauth-facebook (= 1.3.0)
  rails (= 3.1.8)
  rails_autolink (= 1.0.5)
  rake (= 0.9.2)
  render_component_vho (= 3.2.1)
  rmagick (= 2.13.1)
  rspec-rails (~> 2.9)
  ruby-ldap (= 0.9.12)
  sass-rails (~> 3.1.5)
  spork (~> 0.9.2)
  tamtam (= 0.0.3)
  therubyracer
  turn (~> 0.8.3)
  uglifier (>= 1.0.3)
  will_paginate (= 3.0.2)
